GEM
  remote: https://rubygems.org/
  specs:
    coderay (1.1.3)
    ffi (1.17.0-x86_64-linux-gnu)
    method_source (1.1.0)
    mini_portile2 (2.8.8)
    pry (0.15.0)
      coderay (~> 1.1)
      method_source (~> 1.0)
    rake (13.2.1)
    rdkafka (0.19.0)
      ffi (~> 1.15)
      mini_portile2 (~> 2.6)
      rake (> 12)

PLATFORMS
  x86_64-linux

DEPENDENCIES
  pry
  rdkafka

BUNDLED WITH
   2.4.19
